PATH
  remote: .
  specs:
    rayyan-formats (0.2.1)
      rayyan-formats-core (~> 0.3)
      rayyan-formats-plugins (~> 0.3)
      rayyan-scrapers (~> 0.1)

GEM
  remote: https://rubygems.org/
  specs:
    bibtex-ruby (4.4.7)
      latex-decode (~> 0.0)
    coderay (1.1.2)
    coveralls (0.8.23)
      json (>= 1.8, < 3)
      simplecov (~> 0.16.1)
      term-ansicolor (~> 1.3)
      thor (>= 0.19.4, < 2.0)
      tins (~> 1.6)
    diff-lcs (1.3)
    docile (1.3.2)
    docx (0.2.07)
      nokogiri (~> 1.5)
      rubyzip (~> 1.1.6)
    ethon (0.12.0)
      ffi (>= 1.3.0)
    ffi (1.13.1)
    json (2.3.0)
    latex-decode (0.3.2)
    mini_portile2 (2.4.0)
    moneta (1.4.1)
    nokogiri (1.10.10)
      mini_portile2 (~> 2.4.0)
    rake (13.0.1)
    rayyan-formats-core (0.3.0)
    rayyan-formats-plugins (0.3.0)
      bibtex-ruby (~> 4.4)
      docx (~> 0.2.0)
      rayyan-formats-core (~> 0.3)
      ref_parsers (~> 0.2.0)
    rayyan-scrapers (0.1.4)
      moneta (~> 1.0)
      nokogiri (~> 1.6)
      rayyan-formats-core (~> 0.2)
      typhoeus (~> 1.1)
    ref_parsers (0.2.0)
    rspec (3.9.0)
      rspec-core (~> 3.9.0)
      rspec-expectations (~> 3.9.0)
      rspec-mocks (~> 3.9.0)
    rspec-core (3.9.1)
      rspec-support (~> 3.9.1)
    rspec-expectations (3.9.1)
      diff-lcs (>= 1.2.0, < 2.0)
      rspec-support (~> 3.9.0)
    rspec-mocks (3.9.1)
      diff-lcs (>= 1.2.0, < 2.0)
      rspec-support (~> 3.9.0)
    rspec-support (3.9.2)
    rubyzip (1.1.7)
    simplecov (0.16.1)
      docile (~> 1.1)
      json (>= 1.8, < 3)
      simplecov-html (~> 0.10.0)
    simplecov-html (0.10.2)
    sync (0.5.0)
    term-ansicolor (1.7.1)
      tins (~> 1.0)
    thor (1.0.1)
    tins (1.24.1)
      sync
    typhoeus (1.4.0)
      ethon (>= 0.9.0)

PLATFORMS
  ruby

DEPENDENCIES
  bundler (~> 1.3)
  coderay (~> 1.1)
  coveralls (~> 0.8)
  rake (~> 13)
  rayyan-formats!
  rspec (~> 3.5)

BUNDLED WITH
   1.17.3
