PATH
  remote: .
  specs:
    rayyan-formats (0.1.1)
      rayyan-formats-core (~> 0.1.0)
      rayyan-formats-plugins (~> 0.1.0)
      rayyan-scrapers (~> 0.1.0)

GEM
  remote: https://rubygems.org/
  specs:
    bibtex-ruby (4.4.3)
      latex-decode (~> 0.0)
    coderay (1.1.1)
    coveralls (0.8.21)
      json (>= 1.8, < 3)
      simplecov (~> 0.14.1)
      term-ansicolor (~> 1.3)
      thor (~> 0.19.4)
      tins (~> 1.6)
    diff-lcs (1.3)
    docile (1.1.5)
    docx (0.2.07)
      nokogiri (~> 1.5)
      rubyzip (~> 1.1.6)
    ethon (0.10.1)
      ffi (>= 1.3.0)
    ffi (1.9.18)
    json (2.1.0)
    latex-decode (0.2.2)
      unicode (~> 0.4)
    mini_portile2 (2.1.0)
    moneta (1.0.0)
    nokogiri (1.7.2)
      mini_portile2 (~> 2.1.0)
    rake (0.9.6)
    rayyan-formats-core (0.1.5)
    rayyan-formats-plugins (0.1.4)
      bibtex-ruby (~> 4.4)
      docx (~> 0.2.0)
      rayyan-formats-core (~> 0.1.0)
      ref_parsers (~> 0.1.0)
    rayyan-scrapers (0.1.1)
      moneta (~> 1.0)
      nokogiri (~> 1.6)
      rayyan-formats-core (~> 0.1.0)
      typhoeus (~> 1.1)
    ref_parsers (0.1.3)
    rspec (3.6.0)
      rspec-core (~> 3.6.0)
      rspec-expectations (~> 3.6.0)
      rspec-mocks (~> 3.6.0)
    rspec-core (3.6.0)
      rspec-support (~> 3.6.0)
    rspec-expectations (3.6.0)
      diff-lcs (>= 1.2.0, < 2.0)
      rspec-support (~> 3.6.0)
    rspec-mocks (3.6.0)
      diff-lcs (>= 1.2.0, < 2.0)
      rspec-support (~> 3.6.0)
    rspec-support (3.6.0)
    rubyzip (1.1.7)
    simplecov (0.14.1)
      docile (~> 1.1.0)
      json (>= 1.8, < 3)
      simplecov-html (~> 0.10.0)
    simplecov-html (0.10.0)
    term-ansicolor (1.6.0)
      tins (~> 1.0)
    thor (0.19.4)
    tins (1.13.2)
    typhoeus (1.1.2)
      ethon (>= 0.9.0)
    unicode (0.4.4.4)

PLATFORMS
  ruby

DEPENDENCIES
  bundler (~> 1.3)
  coderay (~> 1.1)
  coveralls (~> 0.8)
  rake (~> 0)
  rayyan-formats!
  rspec (~> 3.5)

BUNDLED WITH
   1.14.6
